GEM
  remote: https://rubygems.org/
  specs:
    pastel (0.8.0)
      tty-color (~> 0.5)
    thor (1.3.1)
    tty-color (0.6.0)
    tty-command (0.10.1)
      pastel (~> 0.8)

PLATFORMS
  ruby
  x86_64-linux

DEPENDENCIES
  thor (~> 1.3)
  tty-command (~> 0.10.1)

BUNDLED WITH
   2.5.7
